GIT
  remote: git://github.com/lynndylanhurley/devise_token_auth.git
  revision: 1e05a80d338b0243329c5fed5baae6ec208f712f
  branch: master
  specs:
    devise_token_auth (0.1.37)
      devise (> 3.5.2, < 4.1)
      rails (< 6)

GIT
  remote: git://github.com/rspec/rspec-core.git
  revision: e23fc922d477c2cf66370f329b9238b9404d6018
  specs:
    rspec-core (3.5.0.pre)
      rspec-support (= 3.5.0.pre)

GIT
  remote: git://github.com/rspec/rspec-expectations.git
  revision: eb5113d77460faca78e9241c91b771b0f9689946
  specs:
    rspec-expectations (3.5.0.pre)
      diff-lcs (>= 1.2.0, < 2.0)
      rspec-support (= 3.5.0.pre)

GIT
  remote: git://github.com/rspec/rspec-mocks.git
  revision: d17eab3c9565a93fd5f03a25ba60db688700396f
  specs:
    rspec-mocks (3.5.0.pre)
      diff-lcs (>= 1.2.0, < 2.0)
      rspec-support (= 3.5.0.pre)

GIT
  remote: git://github.com/rspec/rspec-rails.git
  revision: 682a12067eab233c646057f984692e3b70749f32
  specs:
    rspec-rails (3.5.0.pre)
      actionpack (>= 3.0)
      activesupport (>= 3.0)
      railties (>= 3.0)
      rspec-core (= 3.5.0.pre)
      rspec-expectations (= 3.5.0.pre)
      rspec-mocks (= 3.5.0.pre)
      rspec-support (= 3.5.0.pre)

GIT
  remote: git://github.com/rspec/rspec-support.git
  revision: 635f4b5c939f9927a345279b6c9c5cea98d26fae
  specs:
    rspec-support (3.5.0.pre)

GIT
  remote: git://github.com/rspec/rspec.git
  revision: 9805d4fc37755abaf9e409c788a0145524765501
  specs:
    rspec (3.5.0.pre)
      rspec-core (= 3.5.0.pre)
      rspec-expectations (= 3.5.0.pre)
      rspec-mocks (= 3.5.0.pre)

GEM
  remote: https://rubygems.org/
  specs:
    actioncable (5.0.0.beta3)
      actionpack (= 5.0.0.beta3)
      nio4r (~> 1.2)
      websocket-driver (~> 0.6.1)
    actionmailer (5.0.0.beta3)
      actionpack (= 5.0.0.beta3)
      actionview (= 5.0.0.beta3)
      activejob (= 5.0.0.beta3)
      mail (~> 2.5, >= 2.5.4)
      rails-dom-testing (~> 1.0, >= 1.0.5)
    actionpack (5.0.0.beta3)
      actionview (= 5.0.0.beta3)
      activesupport (= 5.0.0.beta3)
      rack (~> 2.x)
      rack-test (~> 0.6.3)
      rails-dom-testing (~> 1.0, >= 1.0.5)
      rails-html-sanitizer (~> 1.0, >= 1.0.2)
    actionview (5.0.0.beta3)
      activesupport (= 5.0.0.beta3)
      builder (~> 3.1)
      erubis (~> 2.7.0)
      rails-dom-testing (~> 1.0, >= 1.0.5)
      rails-html-sanitizer (~> 1.0, >= 1.0.2)
    active_model_serializers (0.10.0.rc4)
      actionpack (>= 4.0)
      activemodel (>= 4.0)
      railties (>= 4.0)
    activejob (5.0.0.beta3)
      activesupport (= 5.0.0.beta3)
      globalid (>= 0.3.6)
    activemodel (5.0.0.beta3)
      activesupport (= 5.0.0.beta3)
    activerecord (5.0.0.beta3)
      activemodel (= 5.0.0.beta3)
      activesupport (= 5.0.0.beta3)
      arel (~> 7.0)
    activesupport (5.0.0.beta3)
      concurrent-ruby (~> 1.0)
      i18n (~> 0.7)
      minitest (~> 5.1)
      tzinfo (~> 1.1)
    annotate (2.6.5)
      activerecord (>= 2.3.0)
      rake (>= 0.8.7)
    arel (7.0.0)
    bcrypt (3.1.11)
    better_errors (2.1.1)
      coderay (>= 1.0.0)
      erubis (>= 2.6.6)
      rack (>= 0.9.0)
    binding_of_caller (0.7.2)
      debug_inspector (>= 0.0.1)
    builder (3.2.2)
    byebug (8.2.2)
    coderay (1.1.1)
    concurrent-ruby (1.0.1)
    debug_inspector (0.0.2)
    devise (4.0.0.rc1)
      bcrypt (~> 3.0)
      orm_adapter (~> 0.1)
      railties (>= 4.1.0, < 5.1)
      responders
      warden (~> 1.2.3)
    diff-lcs (1.2.5)
    erubis (2.7.0)
    ffi (1.9.10)
    foreman (0.78.0)
      thor (~> 0.19.1)
    formatador (0.2.5)
    globalid (0.3.6)
      activesupport (>= 4.1.0)
    guard (2.13.0)
      formatador (>= 0.2.4)
      listen (>= 2.7, <= 4.0)
      lumberjack (~> 1.0)
      nenv (~> 0.1)
      notiffany (~> 0.0)
      pry (>= 0.9.12)
      shellany (~> 0.0)
      thor (>= 0.18.1)
    guard-compat (1.2.1)
    guard-rspec (4.6.4)
      guard (~> 2.1)
      guard-compat (~> 1.1)
      rspec (>= 2.99.0, < 4.0)
    hashie (3.4.3)
    i18n (0.7.0)
    json (1.8.3)
    json-schema (2.2.5)
    json_matchers (0.5.0)
      activesupport (>= 3.0.0)
      json-schema (~> 2.2.5)
    listen (3.0.6)
      rb-fsevent (>= 0.9.3)
      rb-inotify (>= 0.9.7)
    loofah (2.0.3)
      nokogiri (>= 1.5.9)
    lumberjack (1.0.10)
    mail (2.6.3)
      mime-types (>= 1.16, < 3)
    method_source (0.8.2)
    mime-types (2.99.1)
    mini_portile2 (2.0.0)
    minitest (5.8.4)
    mustache (0.99.8)
    nenv (0.3.0)
    nio4r (1.2.1)
    nokogiri (1.6.7.2)
      mini_portile2 (~> 2.0.0.rc2)
    notiffany (0.0.8)
      nenv (~> 0.1)
      shellany (~> 0.0)
    omniauth (1.3.1)
      hashie (>= 1.2, < 4)
      rack (>= 1.0, < 3)
    orm_adapter (0.5.0)
    pg (0.18.4)
    pry (0.10.3)
      coderay (~> 1.1.0)
      method_source (~> 0.8.1)
      slop (~> 3.4)
    pry-byebug (3.3.0)
      byebug (~> 8.0)
      pry (~> 0.10)
    pry-remote (0.1.8)
      pry (~> 0.9)
      slop (~> 3.0)
    puma (3.1.1)
    rack (2.0.0.alpha)
      json
    rack-cors (0.4.0)
    rack-test (0.6.3)
      rack (>= 1.0)
    rails (5.0.0.beta3)
      actioncable (= 5.0.0.beta3)
      actionmailer (= 5.0.0.beta3)
      actionpack (= 5.0.0.beta3)
      actionview (= 5.0.0.beta3)
      activejob (= 5.0.0.beta3)
      activemodel (= 5.0.0.beta3)
      activerecord (= 5.0.0.beta3)
      activesupport (= 5.0.0.beta3)
      bundler (>= 1.3.0, < 2.0)
      railties (= 5.0.0.beta3)
      sprockets-rails (>= 2.0.0)
    rails-deprecated_sanitizer (1.0.3)
      activesupport (>= 4.2.0.alpha)
    rails-dom-testing (1.0.7)
      activesupport (>= 4.2.0.beta, < 5.0)
      nokogiri (~> 1.6.0)
      rails-deprecated_sanitizer (>= 1.0.1)
    rails-html-sanitizer (1.0.3)
      loofah (~> 2.0)
    rails_12factor (0.0.3)
      rails_serve_static_assets
      rails_stdout_logging
    rails_serve_static_assets (0.0.5)
    rails_stdout_logging (0.0.4)
    railties (5.0.0.beta3)
      actionpack (= 5.0.0.beta3)
      activesupport (= 5.0.0.beta3)
      method_source
      rake (>= 0.8.7)
      thor (>= 0.18.1, < 2.0)
    rake (10.0.4)
    rb-fsevent (0.9.7)
    rb-inotify (0.9.7)
      ffi (>= 0.5.0)
    responders (2.1.1)
      railties (>= 4.2.0, < 5.1)
    rspec_api_documentation (4.7.0)
      activesupport (>= 3.0.0)
      json (~> 1.4, >= 1.4.6)
      mustache (~> 0.99, >= 0.99.4)
      rspec (>= 3.0.0)
    shellany (0.0.1)
    skylight (0.10.3)
      activesupport (>= 3.0.0)
    slop (3.6.0)
    sprockets (3.5.2)
      concurrent-ruby (~> 1.0)
      rack (> 1, < 3)
    sprockets-rails (3.0.4)
      actionpack (>= 4.0)
      activesupport (>= 4.0)
      sprockets (>= 3.0.0)
    thor (0.19.1)
    thread_safe (0.3.5)
    tzinfo (1.2.2)
      thread_safe (~> 0.1)
    warden (1.2.6)
      rack (>= 1.0)
    websocket-driver (0.6.3)
      websocket-extensions (>= 0.1.0)
    websocket-extensions (0.1.2)

PLATFORMS
  ruby

DEPENDENCIES
  active_model_serializers (~> 0.10.0.rc3)
  annotate
  better_errors
  binding_of_caller
  devise (= 4.0.0.rc1)
  devise_token_auth!
  foreman
  guard-rspec
  json_matchers
  listen (~> 3.0.5)
  omniauth
  pg (~> 0.18)
  pry-byebug
  pry-remote
  puma
  rack-cors
  rails (>= 5.0.0.beta3, < 5.1)
  rails_12factor
  rake (~> 10.0.0)
  rspec!
  rspec-core!
  rspec-expectations!
  rspec-mocks!
  rspec-rails!
  rspec-support!
  rspec_api_documentation
  skylight

BUNDLED WITH
   1.11.2
